GIT
  remote: git@bitbucket.org:alvarola/recruiter.git
  revision: 9cdf6352262b001834a03762c3996c44c3032563
  specs:
    recruiter (0.0.1)
      octokit

GEM
  remote: https://rubygems.org/
  specs:
    addressable (2.3.7)
    faraday (0.9.1)
      multipart-post (>= 1.2, < 3)
    faraday-http-cache (0.4.2)
      faraday (~> 0.8)
    faraday_middleware (0.9.1)
      faraday (>= 0.7.4, < 0.10)
    multipart-post (2.0.0)
    octokit (3.8.0)
      sawyer (~> 0.6.0, >= 0.5.3)
    rack (1.6.0)
    rack-protection (1.5.3)
      rack
    sawyer (0.6.0)
      addressable (~> 2.3.5)
      faraday (~> 0.8, < 0.10)
    sinatra (1.4.5)
      rack (~> 1.4)
      rack-protection (~> 1.4)
      tilt (~> 1.3, >= 1.3.4)
    tilt (1.4.1)

PLATFORMS
  ruby

DEPENDENCIES
  faraday-http-cache
  faraday_middleware
  recruiter!
  sinatra
