PATH
  remote: ../recruiter
  specs:
    recruiter (0.0.1)
      github-linguist
      octokit
      redis

GEM
  remote: https://rubygems.org/
  specs:
    addressable (2.3.8)
    byebug (4.0.5)
      columnize (= 0.9.0)
    charlock_holmes (0.7.3)
    columnize (0.9.0)
    daemons (1.1.9)
    descriptive_statistics (2.5.1)
    escape_utils (1.1.0)
    eventmachine (1.0.4)
    faraday (0.9.1)
      multipart-post (>= 1.2, < 3)
    github-linguist (4.5.5)
      charlock_holmes (~> 0.7.3)
      escape_utils (~> 1.1.0)
      mime-types (>= 1.19)
      rugged (~> 0.23.0b1)
    hiredis (0.6.0)
    mime-types (2.4.3)
    msgpack (0.5.12)
    multipart-post (2.0.0)
    nido (0.0.1)
    octokit (3.8.0)
      sawyer (~> 0.6.0, >= 0.5.3)
    ohm (2.2.1)
      msgpack (~> 0.5.0)
      nido
      redic
      stal
    ohm-contrib (2.2.0)
      ohm (~> 2.2)
    rack (1.6.0)
    rack-protection (1.5.3)
      rack
    redic (1.5.0)
      hiredis
    redis (3.2.1)
    rugged (0.23.0b2)
    sawyer (0.6.0)
      addressable (~> 2.3.5)
      faraday (~> 0.8, < 0.10)
    sinatra (1.4.5)
      rack (~> 1.4)
      rack-protection (~> 1.4)
      tilt (~> 1.3, >= 1.3.4)
    stal (0.1.0)
      redic
    thin (1.5.1)
      daemons (>= 1.0.9)
      eventmachine (>= 0.12.6)
      rack (>= 1.0.0)
    tilt (1.4.1)

PLATFORMS
  ruby

DEPENDENCIES
  byebug
  descriptive_statistics
  ohm
  ohm-contrib
  recruiter!
  sinatra
  thin
